GIT
  remote: https://github.com/cloudfoundry-incubator/buildpack-packager
  revision: 9264776c11410fe0d9f8617193fb57afc1eb16b3
  specs:
    buildpack-packager (2.2.3)
      activesupport (~> 4.1.8)
      kwalify
      terminal-table (~> 1.4.5)

GEM
  remote: https://rubygems.org/
  specs:
    activesupport (4.1.12)
      i18n (~> 0.6, >= 0.6.9)
      json (~> 1.7, >= 1.7.7)
      minitest (~> 5.1)
      thread_safe (~> 0.1)
      tzinfo (~> 1.1)
    i18n (0.7.0)
    json (2.1.0)
    kwalify (0.7.2)
    minitest (5.7.0)
    terminal-table (1.4.5)
    thread_safe (0.3.5)
    tzinfo (1.2.2)
      thread_safe (~> 0.1)

PLATFORMS
  ruby

DEPENDENCIES
  buildpack-packager!
